GEM
  remote: http://rubygems.org/
  specs:
    RedCloth (4.3.2)
    bluecloth (2.2.0)
    ffi (1.13.1)
    haml (5.1.2)
      temple (>= 0.8.0)
      tilt
    haml-contrib (1.0.0.1)
      haml (>= 3.2.0.alpha.13)
    kramdown (2.3.0)
      rexml
    maruku (0.7.3)
    mustermann (2.0.2)
      ruby2_keywords (~> 0.0.1)
    nesta (0.12.0)
      RedCloth (~> 4.2)
      haml (>= 3.1)
      haml-contrib (>= 1.0)
      rack (~> 2.0)
      rdiscount (~> 2.1)
      sassc (>= 2.2)
      sinatra (~> 2.0)
      tilt (~> 2.0)
    nio4r (2.5.2)
    power_assert (1.2.0)
    puma (4.3.5)
      nio4r (~> 2.0)
    rack (2.2.4)
    rack-protection (2.2.3)
      rack
    rack-ssl (1.4.1)
      rack
    rack-test (1.1.0)
      rack (>= 1.0, < 3)
    rdiscount (2.2.0.1)
    redcarpet (3.5.0)
    rexml (3.2.4)
    ruby2_keywords (0.0.5)
    sassc (2.4.0)
      ffi (~> 1.9)
    sinatra (2.2.3)
      mustermann (~> 2.0)
      rack (~> 2.2)
      rack-protection (= 2.2.3)
      tilt (~> 2.0)
    temple (0.8.2)
    test-unit (3.3.6)
      power_assert
    tilt (2.0.11)

PLATFORMS
  ruby

DEPENDENCIES
  bluecloth
  kramdown
  maruku
  nesta
  puma
  rack-ssl
  rack-test
  redcarpet
  sinatra
  test-unit

RUBY VERSION
   ruby 2.6.6p146

BUNDLED WITH
   1.17.3
