GEM
  remote: http://rubygems.org/
  specs:
    RedCloth (4.3.2)
    bluecloth (2.2.0)
    ffi (1.13.0)
    haml (5.1.2)
      temple (>= 0.8.0)
      tilt
    haml-contrib (1.0.0.1)
      haml (>= 3.2.0.alpha.13)
    kramdown (2.2.1)
      rexml
    maruku (0.7.3)
    nesta (0.11.1)
      RedCloth (~> 4.2)
      haml (>= 3.1)
      haml-contrib (>= 1.0)
      rack (>= 1.3)
      rdiscount (~> 2.1)
      sass (>= 3.1)
      sinatra (~> 1.4)
      tilt (~> 1.4)
    nio4r (2.5.2)
    power_assert (1.2.0)
    puma (4.3.5)
      nio4r (~> 2.0)
    rack (1.6.13)
    rack-protection (1.5.5)
      rack
    rack-ssl (1.4.1)
      rack
    rack-test (1.1.0)
      rack (>= 1.0, < 3)
    rb-fsevent (0.10.4)
    rb-inotify (0.10.1)
      ffi (~> 1.0)
    rdiscount (2.2.0.1)
    redcarpet (3.5.0)
    rexml (3.2.4)
    sass (3.7.4)
      sass-listen (~> 4.0.0)
    sass-listen (4.0.0)
      rb-fsevent (~> 0.9, >= 0.9.4)
      rb-inotify (~> 0.9, >= 0.9.7)
    sinatra (1.4.8)
      rack (~> 1.5)
      rack-protection (~> 1.4)
      tilt (>= 1.3, < 3)
    temple (0.8.2)
    test-unit (3.3.5)
      power_assert
    tilt (1.4.1)

PLATFORMS
  ruby

DEPENDENCIES
  bluecloth
  kramdown
  maruku
  nesta
  puma
  rack-ssl
  rack-test
  redcarpet
  sinatra
  test-unit

RUBY VERSION
   ruby 2.6.6p146

BUNDLED WITH
   1.17.3
