GEM
  remote: http://rubygems.org/
  specs:
    RedCloth (4.2.9)
    haml (4.0.5)
      tilt
    kgio (2.9.2)
    nesta (0.10.0)
      RedCloth (~> 4.2)
      haml (>= 3.1)
      rack (>= 1.3)
      rdiscount (~> 2.1)
      sass (>= 3.1)
      sinatra (~> 1.4)
    rack (1.5.2)
    rack-protection (1.5.3)
      rack
    rack-test (0.6.2)
      rack (>= 1.0)
    raindrops (0.13.0)
    rdiscount (2.1.7.1)
    sass (3.3.8)
    sinatra (1.4.5)
      rack (~> 1.4)
      rack-protection (~> 1.4)
      tilt (~> 1.3, >= 1.3.4)
    tilt (1.4.1)
    unicorn (4.8.3)
      kgio (~> 2.6)
      rack
      raindrops (~> 0.7)

PLATFORMS
  ruby

DEPENDENCIES
  nesta
  rack-test
  sinatra
  unicorn
